GEM
  remote: https://rubygems.org/
  specs:
    breakpoint (2.2.0)
      compass (~> 0.13.alpha.7)
      sass (~> 3.3.0.rc.1)
    chunky_png (1.2.9)
    classifier (1.3.4)
      fast-stemmer (>= 1.0.0)
    compass (0.13.alpha.12)
      chunky_png (~> 1.2)
      json
      listen (~> 1.1.0)
      sass (~> 3.3.0.rc.1)
    directory_watcher (1.5.1)
    fast-stemmer (1.0.2)
    ffi (1.9.3)
    jekyll (0.12.1)
      classifier (~> 1.3)
      directory_watcher (~> 1.1)
      kramdown (~> 0.14)
      liquid (~> 2.3)
      maruku (~> 0.5)
      pygments.rb (~> 0.3.2)
    jekyll-asset-pipeline (0.1.6)
      jekyll (~> 0.12)
      liquid (~> 2.4)
    json (1.8.1)
    kramdown (0.14.2)
    liquid (2.6.1)
    listen (1.1.6)
      rb-fsevent (>= 0.9.3)
      rb-inotify (>= 0.9)
      rb-kqueue (>= 0.2)
    maruku (0.7.1)
    posix-spawn (0.3.8)
    pygments.rb (0.3.7)
      posix-spawn (~> 0.3.6)
      yajl-ruby (~> 1.1.0)
    rb-fsevent (0.9.4)
    rb-inotify (0.9.3)
      ffi (>= 0.5.0)
    rb-kqueue (0.2.0)
      ffi (>= 0.5.0)
    sass (3.3.0.rc.2)
      listen (~> 1.1.0)
    yajl-ruby (1.1.0)

PLATFORMS
  ruby

DEPENDENCIES
  breakpoint (~> 2.2.0)
  compass (~> 0.13.alpha.12)
  jekyll
  jekyll-asset-pipeline
  sass (~> 3.3.0.rc.2)
